GEM
  remote: http://rubygems.org/
  specs:
    actionmailer (3.2.12)
      actionpack (= 3.2.12)
      mail (~> 2.4.4)
    actionpack (3.2.12)
      activemodel (= 3.2.12)
      activesupport (= 3.2.12)
      builder (~> 3.0.0)
      erubis (~> 2.7.0)
      journey (~> 1.0.4)
      rack (~> 1.4.5)
      rack-cache (~> 1.2)
      rack-test (~> 0.6.1)
      sprockets (~> 2.2.1)
    activemodel (3.2.12)
      activesupport (= 3.2.12)
      builder (~> 3.0.0)
    activerecord (3.2.12)
      activemodel (= 3.2.12)
      activesupport (= 3.2.12)
      arel (~> 3.0.2)
      tzinfo (~> 0.3.29)
    activeresource (3.2.12)
      activemodel (= 3.2.12)
      activesupport (= 3.2.12)
    activesupport (3.2.12)
      i18n (~> 0.6)
      multi_json (~> 1.0)
    ansi (1.4.3)
    arel (3.0.2)
    attr_required (0.0.5)
    builder (3.0.4)
    constant_cache (0.0.2)
      activerecord (>= 2.0.2)
      activesupport (>= 2.0.2)
    erubis (2.7.0)
    fb_graph (2.6.4)
      httpclient (>= 2.2.0.2)
      multi_json (>= 1.3)
      rack-oauth2 (>= 0.14.4)
      tzinfo
    hike (1.2.1)
    html5_validators (1.1.1)
    httpclient (2.3.3)
    i18n (0.6.4)
    journey (1.0.4)
    jquery-rails (2.2.1)
      railties (>= 3.0, < 5.0)
      thor (>= 0.14, < 2.0)
    json (1.7.7)
    json-jwt (0.4.2)
      activesupport (>= 2.3)
      i18n
      multi_json (>= 1.3)
      url_safe_base64
    mail (2.4.4)
      i18n (>= 0.4.0)
      mime-types (~> 1.16)
      treetop (~> 1.4.8)
    mime-types (1.21)
    multi_json (1.6.1)
    openid_connect (0.5.0)
      activemodel (>= 3)
      attr_required (>= 0.0.5)
      json (>= 1.4.3)
      json-jwt (>= 0.3.3)
      rack-oauth2 (>= 1.0.0)
      swd (>= 0.1.2)
      tzinfo
      validate_email
      validate_url
      webfinger (>= 0.0.2)
    pg (0.14.1)
    polyamorous (0.5.0)
      activerecord (~> 3.0)
    polyglot (0.3.3)
    rack (1.4.5)
    rack-cache (1.2)
      rack (>= 0.4)
    rack-oauth2 (1.0.3)
      activesupport (>= 2.3)
      attr_required (>= 0.0.5)
      httpclient (>= 2.2.0.2)
      i18n
      multi_json (>= 1.3.6)
      rack (>= 1.1)
    rack-ssl (1.3.3)
      rack
    rack-test (0.6.2)
      rack (>= 1.0)
    rails (3.2.12)
      actionmailer (= 3.2.12)
      actionpack (= 3.2.12)
      activerecord (= 3.2.12)
      activeresource (= 3.2.12)
      activesupport (= 3.2.12)
      bundler (~> 1.0)
      railties (= 3.2.12)
    railties (3.2.12)
      actionpack (= 3.2.12)
      activesupport (= 3.2.12)
      rack-ssl (~> 1.3.2)
      rake (>= 0.8.7)
      rdoc (~> 3.4)
      thor (>= 0.14.6, < 2.0)
    rake (10.0.3)
    rdoc (3.12.2)
      json (~> 1.4)
    sprockets (2.2.2)
      hike (~> 1.2)
      multi_json (~> 1.0)
      rack (~> 1.0)
      tilt (~> 1.1, != 1.3.0)
    sqlite3 (1.3.7)
    squeel (1.0.17)
      activerecord (~> 3.0)
      activesupport (~> 3.0)
      polyamorous (~> 0.5.0)
    swd (0.2.1)
      activesupport (>= 3)
      attr_required (>= 0.0.5)
      httpclient (>= 2.2.1)
      i18n
      json (>= 1.4.3)
    thor (0.17.0)
    tilt (1.3.4)
    treetop (1.4.12)
      polyglot
      polyglot (>= 0.3.1)
    turn (0.9.6)
      ansi
    tzinfo (0.3.35)
    url_safe_base64 (0.2.1)
    validate_email (0.1.6)
      activemodel (>= 3.0)
      mail (>= 2.2.5)
    validate_url (0.2.0)
      activemodel (>= 3.0.0)
    webfinger (0.0.4)
      activesupport (>= 3)
      httpclient (>= 2.2.0.2)
      multi_json

PLATFORMS
  ruby

DEPENDENCIES
  constant_cache
  fb_graph
  html5_validators
  jquery-rails
  openid_connect
  pg
  rack-oauth2
  rack-ssl
  rails (~> 3.2)
  sqlite3
  squeel
  turn
  validate_email
  validate_url
